GEM
  remote: https://rubygems.org/
  specs:
    diff-lcs (1.5.0)
    docile (1.4.0)
    minitest (5.15.0)
    rake (13.0.6)
    rbtree (0.4.5)
    rspec (3.10.0)
      rspec-core (~> 3.10.0)
      rspec-expectations (~> 3.10.0)
      rspec-mocks (~> 3.10.0)
    rspec-core (3.10.2)
      rspec-support (~> 3.10.0)
    rspec-expectations (3.10.2)
      diff-lcs (>= 1.2.0, < 2.0)
      rspec-support (~> 3.10.0)
    rspec-mocks (3.10.3)
      diff-lcs (>= 1.2.0, < 2.0)
      rspec-support (~> 3.10.0)
    rspec-support (3.10.3)
    set (1.0.2)
    simplecov (0.21.2)
      docile (~> 1.1)
      simplecov-html (~> 0.11)
      simplecov_json_formatter (~> 0.1)
    simplecov-html (0.12.3)
    simplecov_json_formatter (0.1.3)
    sorbet (0.5.9613)
      sorbet-static (= 0.5.9613)
    sorbet-runtime (0.5.9613)
    sorbet-static (0.5.9613-universal-darwin-14)
    sorbet-static (0.5.9613-universal-darwin-15)
    sorbet-static (0.5.9613-universal-darwin-16)
    sorbet-static (0.5.9613-universal-darwin-17)
    sorbet-static (0.5.9613-universal-darwin-18)
    sorbet-static (0.5.9613-universal-darwin-19)
    sorbet-static (0.5.9613-universal-darwin-20)
    sorbet-static (0.5.9613-universal-darwin-21)
    sorbet-static (0.5.9613-x86_64-linux)
    sorted_set (1.0.3)
      rbtree
      set (~> 1.0)

PLATFORMS
  ruby

DEPENDENCIES
  minitest
  rake
  rspec
  simplecov
  sorbet
  sorbet-runtime
  sorted_set

BUNDLED WITH
   2.3.6
