GEM
  remote: https://rubygems.org/
  specs:
    diff-lcs (1.2.5)
    docile (1.1.5)
    minitest (5.8.4)
    multi_json (1.10.1)
    rake (10.4.2)
    rspec (3.1.0)
      rspec-core (~> 3.1.0)
      rspec-expectations (~> 3.1.0)
      rspec-mocks (~> 3.1.0)
    rspec-core (3.1.7)
      rspec-support (~> 3.1.0)
    rspec-expectations (3.1.2)
      diff-lcs (>= 1.2.0, < 2.0)
      rspec-support (~> 3.1.0)
    rspec-mocks (3.1.3)
      rspec-support (~> 3.1.0)
    rspec-support (3.1.2)
    simplecov (0.9.1)
      docile (~> 1.1.0)
      multi_json (~> 1.0)
      simplecov-html (~> 0.8.0)
    simplecov-html (0.8.0)
    sorbet (0.5.9613)
      sorbet-static (= 0.5.9613)
    sorbet-runtime (0.5.9613)
    sorbet-static (0.5.9613-universal-darwin-14)
    sorbet-static (0.5.9613-universal-darwin-15)
    sorbet-static (0.5.9613-universal-darwin-16)
    sorbet-static (0.5.9613-universal-darwin-17)
    sorbet-static (0.5.9613-universal-darwin-18)
    sorbet-static (0.5.9613-universal-darwin-19)
    sorbet-static (0.5.9613-universal-darwin-20)
    sorbet-static (0.5.9613-universal-darwin-21)
    sorbet-static (0.5.9613-x86_64-linux)

PLATFORMS
  ruby

DEPENDENCIES
  minitest
  rake
  rspec
  simplecov
  sorbet
  sorbet-runtime

BUNDLED WITH
   2.3.6
